GEM
  remote: http://rubygems.org/
  specs:
    git (1.2.5)
    irb_plugin (0.0.4)
    jeweler (1.6.2)
      bundler (~> 1.0)
      git (>= 1.2.5)
      rake
    rake (0.9.2)

PLATFORMS
  java

DEPENDENCIES
  bundler (~> 1.0.0)
  irb_plugin
  jeweler (~> 1.6.2)
